GEM
  remote: https://rubygems.org/
  specs:
    RedCloth (4.3.2)
    addressable (2.8.0)
      public_suffix (>= 2.0.2, < 5.0)
    colorator (1.1.0)
    colored (1.2)
    commonjs (0.2.7)
    concurrent-ruby (1.1.6)
    em-websocket (0.5.1)
      eventmachine (>= 0.12.9)
      http_parser.rb (~> 0.6.0)
    ethon (0.12.0)
      ffi (>= 1.3.0)
    eventmachine (1.2.7)
    execjs (2.7.0)
    ffi (1.12.2)
    ffi-icu (0.2.0)
      ffi (~> 1.0, >= 1.0.9)
    forwardable-extended (2.6.0)
    html-proofer (2.1.0)
      addressable (~> 2.3)
      colored (~> 1.2)
      mercenary (~> 0.3.2)
      nokogiri (~> 1.5)
      parallel (~> 1.3)
      typhoeus (~> 0.7)
      yell (~> 2.0)
    http_parser.rb (0.6.0)
    i18n (1.8.2)
      concurrent-ruby (~> 1.0)
    jekyll (4.0.1)
      addressable (~> 2.4)
      colorator (~> 1.0)
      em-websocket (~> 0.5)
      i18n (>= 0.9.5, < 2)
      jekyll-sass-converter (~> 2.0)
      jekyll-watch (~> 2.0)
      kramdown (~> 2.1)
      kramdown-parser-gfm (~> 1.0)
      liquid (~> 4.0)
      mercenary (~> 0.3.3)
      pathutil (~> 0.9)
      rouge (~> 3.0)
      safe_yaml (~> 1.0)
      terminal-table (~> 1.8)
    jekyll-sass-converter (2.1.0)
      sassc (> 2.0.1, < 3.0)
    jekyll-watch (2.2.1)
      listen (~> 3.0)
    jshintrb (0.3.0)
      execjs
      multi_json (>= 1.3)
      rake
    json (2.3.0)
    json-schema (2.8.1)
      addressable (>= 2.4)
    kramdown (2.3.1)
      rexml
    kramdown-parser-gfm (1.1.0)
      kramdown (~> 2.0)
    less (2.4.0)
      commonjs (~> 0.2.7)
    libv8 (3.16.14.19)
    liquid (4.0.3)
    listen (3.2.1)
      rb-fsevent (~> 0.10, >= 0.10.3)
      rb-inotify (~> 0.9, >= 0.9.10)
    mercenary (0.3.6)
    mini_portile2 (2.6.1)
    multi_json (1.14.1)
    nokogiri (1.12.5)
      mini_portile2 (~> 2.6.1)
      racc (~> 1.4)
    parallel (1.19.1)
    pathutil (0.16.2)
      forwardable-extended (~> 2.6)
    public_suffix (4.0.6)
    racc (1.5.2)
    rake (13.0.1)
    rb-fsevent (0.10.4)
    rb-inotify (0.10.1)
      ffi (~> 1.0)
    ref (2.0.0)
    rexml (3.2.4)
    rouge (3.19.0)
    safe_yaml (1.0.5)
    sassc (2.3.0)
      ffi (~> 1.9)
    terminal-table (1.8.0)
      unicode-display_width (~> 1.1, >= 1.1.1)
    therubyracer (0.12.3)
      libv8 (~> 3.16.14.15)
      ref
    typhoeus (0.8.0)
      ethon (>= 0.8.0)
    unicode-display_width (1.7.0)
    yell (2.2.2)

PLATFORMS
  ruby

DEPENDENCIES
  RedCloth (>= 4.3.0)
  ffi-icu
  html-proofer (= 2.1.0)
  jekyll (~> 4.0)
  jshintrb (~> 0.3.0)
  json (>= 1.9)
  json-schema
  kramdown (~> 2.3)
  less (= 2.4.0)
  safe_yaml
  therubyracer

RUBY VERSION
   ruby 2.5.8p224

BUNDLED WITH
   1.17.3
